GIT
  remote: git://github.com/soupcms/soupcms-common.git
  revision: 2fae436b8b68c9d1fcc9bb601869c8b8a838c90c
  specs:
    soupcms-common (0.5.0)

PATH
  remote: .
  specs:
    soupcms-ui (0.5.0)
      bootstrap-sass
      sass
      slim
      sprockets (= 3.0.0.beta.8)

GEM
  remote: https://rubygems.org/
  specs:
    autoprefixer-rails (5.1.7)
      execjs
      json
    bootstrap-sass (3.3.3)
      autoprefixer-rails (>= 5.0.0.1)
      sass (>= 3.2.19)
    diff-lcs (1.2.5)
    execjs (2.3.0)
    json (1.8.2)
    rack (1.6.0)
    rspec (3.2.0)
      rspec-core (~> 3.2.0)
      rspec-expectations (~> 3.2.0)
      rspec-mocks (~> 3.2.0)
    rspec-core (3.2.1)
      rspec-support (~> 3.2.0)
    rspec-expectations (3.2.0)
      diff-lcs (>= 1.2.0, < 2.0)
      rspec-support (~> 3.2.0)
    rspec-mocks (3.2.1)
      diff-lcs (>= 1.2.0, < 2.0)
      rspec-support (~> 3.2.0)
    rspec-support (3.2.2)
    sass (3.4.13)
    slim (3.0.2)
      temple (~> 0.7.3)
      tilt (>= 1.3.3, < 2.1)
    sprockets (3.0.0.beta.8)
      rack (~> 1.0)
    temple (0.7.5)
    tilt (2.0.1)

PLATFORMS
  ruby

DEPENDENCIES
  rspec
  soupcms-common!
  soupcms-ui!
